GEM
  remote: https://rubygems.org/
  specs:
    faraday (0.9.2)
      multipart-post (>= 1.2, < 3)
    faraday_middleware (0.10.0)
      faraday (>= 0.7.4, < 0.10)
    gli (2.13.4)
    hashie (3.4.3)
    iron_cache (1.4.2)
      iron_core (>= 0.5.1)
    iron_core (1.0.9)
      rest (>= 3.0.4)
    json (1.8.3)
    multipart-post (2.0.0)
    net-http-persistent (2.9.4)
    netrc (0.11.0)
    rest (3.0.6)
      net-http-persistent (>= 2.9.1)
      netrc
    slack-ruby-client (0.6.0)
      faraday
      faraday_middleware
      gli
      hashie
      json
      websocket-driver
    websocket-driver (0.6.3)
      websocket-extensions (>= 0.1.0)
    websocket-extensions (0.1.5)

PLATFORMS
  ruby

DEPENDENCIES
  iron_cache
  slack-ruby-client
